PATH
  remote: .
  specs:
    memoizable (0.4.2)
      thread_safe (~> 0.3, >= 0.3.4)

GEM
  remote: https://rubygems.org/
  specs:
    diff-lcs (1.4.4)
    docile (1.1.5)
    multi_json (1.15.0)
    rspec (3.1.0)
      rspec-core (~> 3.1.0)
      rspec-expectations (~> 3.1.0)
      rspec-mocks (~> 3.1.0)
    rspec-core (3.1.7)
      rspec-support (~> 3.1.0)
    rspec-expectations (3.1.2)
      diff-lcs (>= 1.2.0, < 2.0)
      rspec-support (~> 3.1.0)
    rspec-mocks (3.1.3)
      rspec-support (~> 3.1.0)
    rspec-support (3.1.2)
    simplecov (0.9.2)
      docile (~> 1.1.0)
      multi_json (~> 1.0)
      simplecov-html (~> 0.9.0)
    simplecov-html (0.9.0)
    thread_safe (0.3.6)

PLATFORMS
  ruby

DEPENDENCIES
  memoizable!
  rspec (~> 3.1.0)
  simplecov (~> 0.9.1)

BUNDLED WITH
   2.1.4
